GEM
  remote: http://rubygems.org/
  specs:
    activesupport (3.2.22.5)
      i18n (~> 0.6, >= 0.6.4)
      multi_json (~> 1.0)
    chunky_png (1.3.7)
    compass (1.0.3)
      chunky_png (~> 1.2)
      compass-core (~> 1.0.2)
      compass-import-once (~> 1.0.5)
      rb-fsevent (>= 0.9.3)
      rb-inotify (>= 0.9)
      sass (>= 3.3.13, < 3.5)
    compass-core (1.0.3)
      multi_json (~> 1.0)
      sass (>= 3.3.0, < 3.5)
    compass-import-once (1.0.5)
      sass (>= 3.2, < 3.5)
    ffi (1.9.14)
    ffi (1.9.14-x64-mingw32)
    git-version-bump (0.15.1)
    i18n (0.7.0)
    multi_json (1.12.1)
    rack (1.5.5)
    rack-contrib (1.4.0)
      git-version-bump (~> 0.15)
      rack (~> 1.4)
    rack-test (0.6.3)
      rack (>= 1.0)
    rb-fsevent (0.9.7)
    rb-inotify (0.9.7)
      ffi (>= 0.5.0)
    sass (3.4.22)
    serve (1.5.2)
      activesupport (~> 3.2.12)
      i18n
      rack (~> 1.5.2)
      rack-test (~> 0.6.2)
      tilt (~> 1.3.3)
      tzinfo
    thread_safe (0.3.5)
    tilt (1.3.7)
    tzinfo (1.2.2)
      thread_safe (~> 0.1)

PLATFORMS
  ruby
  x64-mingw32

DEPENDENCIES
  compass
  rack-contrib
  serve (= 1.5.2)

BUNDLED WITH
   1.11.2
